GEM
  remote: https://rubygems.org/
  specs:
    commander (4.4.3)
      highline (~> 1.7.2)
    highline (1.7.8)
    kmeans-clusterer (0.11.4)
      narray (~> 0.6)
    narray (0.6.1.2)
    ruby-opencv (0.0.18)

PLATFORMS
  ruby

DEPENDENCIES
  commander
  kmeans-clusterer
  ruby-opencv

BUNDLED WITH
   1.15.0
